GEM
  remote: http://rubygems.org/
  specs:
    coffee-script (2.2.0)
      coffee-script-source
      execjs
    coffee-script-source (1.3.3)
    execjs (1.4.0)
      multi_json (~> 1.0)
    multi_json (1.3.6)
    rack (1.4.1)
    sass (3.2.1)

PLATFORMS
  ruby

DEPENDENCIES
  coffee-script
  rack
  sass
